PATH
  remote: .
  specs:
    erbf (0.1.0)
      herb (~> 0.1)
      prettier_print (~> 1.2)

GEM
  remote: https://rubygems.org/
  specs:
    ast (2.4.3)
    herb (0.1.1)
    herb (0.1.1-arm64-darwin)
    herb (0.1.1-x86_64-darwin)
    json (2.11.1)
    language_server-protocol (3.17.0.4)
    lint_roller (1.1.0)
    m (1.6.2)
      method_source (>= 0.6.7)
      rake (>= 0.9.2.2)
    method_source (1.1.0)
    minitest (5.25.5)
    parallel (1.27.0)
    parser (3.3.8.0)
      ast (~> 2.4.1)
      racc
    prettier_print (1.2.1)
    prism (1.4.0)
    racc (1.8.1)
    rainbow (3.1.1)
    rake (13.2.1)
    regexp_parser (2.10.0)
    rubocop (1.75.3)
      json (~> 2.3)
      language_server-protocol (~> 3.17.0.2)
      lint_roller (~> 1.1.0)
      parallel (~> 1.10)
      parser (>= 3.3.0.2)
      rainbow (>= 2.2.2, < 4.0)
      regexp_parser (>= 2.9.3, < 3.0)
      rubocop-ast (>= 1.44.0, < 2.0)
      ruby-progressbar (~> 1.7)
      unicode-display_width (>= 2.4.0, < 4.0)
    rubocop-ast (1.44.1)
      parser (>= 3.3.7.2)
      prism (~> 1.4)
    ruby-progressbar (1.13.0)
    syntax_tree (6.2.0)
      prettier_print (>= 1.2.0)
    unicode-display_width (3.1.4)
      unicode-emoji (~> 4.0, >= 4.0.4)
    unicode-emoji (4.0.4)

PLATFORMS
  arm64-darwin
  ruby
  x86_64-darwin

DEPENDENCIES
  erbf!
  m (~> 1.6)
  minitest (~> 5.16)
  rake (~> 13.0)
  rubocop (~> 1.75, >= 1.75.3)
  syntax_tree (~> 6.2)

BUNDLED WITH
   2.6.8
